GEM
  remote: http://rubygems.org/
  specs:
    rack (1.3.2)
    rack-cache (1.0.3)
      rack (>= 0.4)
    sinatra (1.2.6)
      rack (~> 1.1)
      tilt (>= 1.2.2, < 2.0)
    tilt (1.3.3)

PLATFORMS
  ruby

DEPENDENCIES
  rack-cache
  sinatra (>= 1.0)
